GEM
  remote: http://rubygems.org/
  specs:
    abstract (1.0.0)
    actionmailer (3.0.7)
      actionpack (= 3.0.7)
      mail (~> 2.2.15)
    actionpack (3.0.7)
      activemodel (= 3.0.7)
      activesupport (= 3.0.7)
      builder (~> 2.1.2)
      erubis (~> 2.6.6)
      i18n (~> 0.5.0)
      rack (~> 1.2.1)
      rack-mount (~> 0.6.14)
      rack-test (~> 0.5.7)
      tzinfo (~> 0.3.23)
    active_reload (0.2.0)
    activemodel (3.0.7)
      activesupport (= 3.0.7)
      builder (~> 2.1.2)
      i18n (~> 0.5.0)
    activerecord (3.0.7)
      activemodel (= 3.0.7)
      activesupport (= 3.0.7)
      arel (~> 2.0.2)
      tzinfo (~> 0.3.23)
    activeresource (3.0.7)
      activemodel (= 3.0.7)
      activesupport (= 3.0.7)
    activesupport (3.0.7)
    addressable (2.2.6)
    annotate (2.4.0)
    arel (2.0.10)
    bcrypt-ruby (2.1.4)
    builder (2.1.2)
    cancan (1.6.5)
    capybara (1.0.0)
      mime-types (>= 1.16)
      nokogiri (>= 1.3.3)
      rack (>= 1.0.0)
      rack-test (>= 0.5.4)
      selenium-webdriver (~> 0.2.0)
      xpath (~> 0.1.4)
    carrierwave (0.5.4)
      activesupport (~> 3.0)
    childprocess (0.2.0)
      ffi (~> 1.0.6)
    chronic (0.4.4)
    client_side_validations (3.0.4)
      activesupport (~> 3.0.0)
    configuration (1.3.1)
    cucumber (0.10.7)
      builder (>= 2.1.2)
      diff-lcs (>= 1.1.2)
      gherkin (~> 2.4.0)
      json (>= 1.4.6)
      term-ansicolor (>= 1.0.5)
    cucumber-rails (0.5.2)
      capybara (>= 1.0.0.rc1)
      cucumber (>= 0.10.5)
      nokogiri (>= 1.4.4)
      rack-test (>= 0.5.7)
    database_cleaner (0.6.7)
    diff-lcs (1.1.2)
    em-dir-watcher (0.9.4)
    em-websocket (0.3.0)
      addressable (>= 2.1.1)
      eventmachine (>= 0.12.9)
    email_spec (1.1.1)
      rspec (~> 2.0)
    erubis (2.6.6)
      abstract (>= 1.0.0)
    eventmachine (0.12.10)
    factory_girl (1.3.3)
    factory_girl_rails (1.0.1)
      factory_girl (~> 1.3)
      railties (>= 3.0.0)
    faker (0.9.5)
      i18n (~> 0.4)
    ffi (1.0.9)
    geokit (1.6.0)
    gherkin (2.4.0)
      json (>= 1.4.6)
    growl (1.0.3)
    guard (0.5.1)
      thor (~> 0.14.6)
    guard-livereload (0.2.0)
      em-websocket (>= 0.2.0)
      guard (>= 0.4.0)
      json (>= 1.5.1)
    guard-pow (0.1.0)
      guard (>= 0.3.0)
    hirb (0.4.5)
    i18n (0.5.0)
    jquery-rails (1.0.10)
      railties (~> 3.0)
      thor (~> 0.14)
    json (1.5.1)
    json_pure (1.5.3)
    kaminari (0.12.4)
      rails (>= 3.0.0)
    launchy (0.4.0)
      configuration (>= 0.0.5)
      rake (>= 0.8.1)
    livereload (1.6)
      em-dir-watcher (>= 0.1)
      em-websocket (>= 0.1.2)
      ruby-json (>= 1.1.2)
    mail (2.2.19)
      activesupport (>= 2.3.6)
      i18n (>= 0.4.0)
      mime-types (~> 1.16)
      treetop (~> 1.4.8)
    mime-types (1.16)
    mocha (0.9.12)
    nested_form (0.1.1)
    nifty-generators (0.4.6)
    nokogiri (1.4.6)
    polyglot (0.3.1)
    populator3 (0.2.7)
    powify (0.5.6)
      json
      rake
      rdoc
    rack (1.2.3)
    rack-mount (0.6.14)
      rack (>= 1.0.0)
    rack-test (0.5.7)
      rack (>= 1.0)
    rails (3.0.7)
      actionmailer (= 3.0.7)
      actionpack (= 3.0.7)
      activerecord (= 3.0.7)
      activeresource (= 3.0.7)
      activesupport (= 3.0.7)
      bundler (~> 1.0)
      railties (= 3.0.7)
    railties (3.0.7)
      actionpack (= 3.0.7)
      activesupport (= 3.0.7)
      rake (>= 0.8.7)
      thor (~> 0.14.4)
    rake (0.9.2)
    rb-fsevent (0.4.1)
    rdoc (3.8)
    rspec (2.6.0)
      rspec-core (~> 2.6.0)
      rspec-expectations (~> 2.6.0)
      rspec-mocks (~> 2.6.0)
    rspec-core (2.6.4)
    rspec-expectations (2.6.0)
      diff-lcs (~> 1.1.2)
    rspec-mocks (2.6.0)
    ruby-json (1.1.2)
    rubyzip (0.9.4)
    selenium-webdriver (0.2.2)
      childprocess (>= 0.1.9)
      ffi (>= 1.0.7)
      json_pure
      rubyzip
    shoulda (2.11.3)
    simplecov (0.4.2)
      simplecov-html (~> 0.4.4)
    simplecov-html (0.4.5)
    sqlite3 (1.3.3)
    term-ansicolor (1.0.5)
    thor (0.14.6)
    timeliness (0.3.4)
    treetop (1.4.9)
      polyglot (>= 0.3.1)
    tzinfo (0.3.29)
    validates_timeliness (3.0.6)
      timeliness (~> 0.3.3)
    wirble (0.1.3)
    xpath (0.1.4)
      nokogiri (~> 1.3)

PLATFORMS
  ruby

DEPENDENCIES
  active_reload (= 0.2.0)
  annotate (= 2.4.0)
  bcrypt-ruby (= 2.1.4)
  cancan (= 1.6.5)
  capybara (= 1.0.0)
  carrierwave (= 0.5.4)
  chronic (= 0.4.4)
  client_side_validations (= 3.0.4)
  cucumber-rails (= 0.5.2)
  database_cleaner (= 0.6.7)
  em-websocket (= 0.3.0)
  email_spec (= 1.1.1)
  eventmachine (= 0.12.10)
  factory_girl_rails (= 1.0.1)
  faker (= 0.9.5)
  geokit (= 1.6.0)
  gherkin (= 2.4.0)
  growl (= 1.0.3)
  guard (= 0.5.1)
  guard-livereload (= 0.2.0)
  guard-pow (= 0.1.0)
  hirb (= 0.4.5)
  jquery-rails (= 1.0.10)
  json (= 1.5.1)
  kaminari (= 0.12.4)
  launchy (= 0.4.0)
  livereload (= 1.6)
  mocha (= 0.9.12)
  nested_form (= 0.1.1)
  nifty-generators (= 0.4.6)
  nokogiri (= 1.4.6)
  populator3 (= 0.2.7)
  powify (= 0.5.6)
  rails (= 3.0.7)
  rb-fsevent (= 0.4.1)
  rdoc (= 3.8)
  shoulda (= 2.11.3)
  simplecov (= 0.4.2)
  sqlite3
  validates_timeliness (= 3.0.6)
  wirble (= 0.1.3)
